PATH
  remote: .
  specs:
    list_spider (2.0.2)
      em-http-request (~> 1.1, >= 1.1.3)
      nokogiri (~> 1.6, >= 1.6.7)
      rchardet (~> 1.6, >= 1.6.1)

GEM
  remote: https://rubygems.org/
  specs:
    addressable (2.5.2)
      public_suffix (>= 2.0.2, < 4.0)
    cookiejar (0.3.3)
    em-http-request (1.1.5)
      addressable (>= 2.3.4)
      cookiejar (!= 0.3.1)
      em-socksify (>= 0.3)
      eventmachine (>= 1.0.3)
      http_parser.rb (>= 0.6.0)
    em-socksify (0.3.2)
      eventmachine (>= 1.0.0.beta.4)
    eventmachine (1.2.5)
    http_parser.rb (0.6.0)
    mini_portile2 (2.3.0)
    nokogiri (1.8.2)
      mini_portile2 (~> 2.3.0)
    public_suffix (3.0.2)
    rake (10.5.0)
    rchardet (1.7.0)

PLATFORMS
  ruby

DEPENDENCIES
  bundler (~> 1.16)
  list_spider!
  rake (~> 10.0)

BUNDLED WITH
   1.16.1
